PATH
  remote: ~/Development/projects/locator
  specs:
    locator (0.0.8)
      htmlentities (>= 4.2.0)
      nokogiri (>= 1.4.1)

GEM
  remote: http://rubygems.org/
  specs:
    columnize (0.3.2)
    htmlentities (4.2.2)
    linecache (0.43)
    mocha (0.9.10)
      rake
    nokogiri (1.4.4)
    rack (1.2.1)
    rake (0.8.7)
    rjb (1.3.4)
    ruby-debug (0.10.4)
      columnize (>= 0.1)
      ruby-debug-base (~> 0.10.4.0)
    ruby-debug-base (0.10.4)
      linecache (>= 0.3)
    test_declarative (0.0.4)

PLATFORMS
  ruby

DEPENDENCIES
  locator!
  mocha
  rack
  rjb
  ruby-debug
  test_declarative

METADATA
  version: 1.0.6
